PATH
  remote: .
  specs:
    findMyMac (0.1.1)

GEM
  remote: https://rubygems.org/
  specs:
    coderay (1.1.2)
    method_source (0.9.2)
    mini_portile2 (2.4.0)
    nokogiri (1.10.1-x64-mingw32)
      mini_portile2 (~> 2.4.0)
    pry (0.12.2)
      coderay (~> 1.1.0)
      method_source (~> 0.9.0)
    rake (12.3.2)
    require_all (2.0.0)

PLATFORMS
  x64-mingw32

DEPENDENCIES
  bundler (~> 1.17)
  findMyMac!
  nokogiri
  pry
  rake
  require_all

BUNDLED WITH
   1.17.1
